GEM
  remote: https://rubygems.org/
  specs:
    bibliothecary (8.7.6)
      commander
      deb_control
      librariesio-gem-parser
      ox (>= 2.8.1)
      packageurl-ruby
      sdl4r
      strings
      strings-ansi
      tomlrb (~> 2.0)
      typhoeus
    commander (5.0.0)
      highline (~> 3.0.0)
    deb_control (0.0.1)
    ethon (0.16.0)
      ffi (>= 1.15.0)
    ffi (1.16.3)
    highline (3.0.1)
    json (2.6.3)
    librariesio-gem-parser (1.0.0)
    ox (2.14.17)
    packageurl-ruby (0.1.0)
    sdl4r (0.9.11)
    strings (0.2.1)
      strings-ansi (~> 0.2)
      unicode-display_width (>= 1.5, < 3.0)
      unicode_utils (~> 1.4)
    strings-ansi (0.2.0)
    tomlrb (2.0.3)
    typhoeus (1.4.1)
      ethon (>= 0.9.0)
    unicode-display_width (2.5.0)
    unicode_utils (1.4.0)

PLATFORMS
  x86_64-darwin-23

DEPENDENCIES
  bibliothecary
  json

BUNDLED WITH
   2.4.19
